GEM
  remote: https://rubygems.org/
  specs:
    chess (0.3.1)
    json (2.3.1)
    mustermann (1.1.1)
      ruby2_keywords (~> 0.0.1)
    rack (2.2.6.4)
    rack-protection (2.1.0)
      rack
    ruby2_keywords (0.0.2)
    sinatra (2.1.0)
      mustermann (~> 1.0)
      rack (~> 2.2)
      rack-protection (= 2.1.0)
      tilt (~> 2.0)
    tilt (2.0.10)
    uci (0.0.2)

PLATFORMS
  ruby

DEPENDENCIES
  chess
  json (= 2.3.1)
  sinatra (= 2.1.0)
  uci

BUNDLED WITH
   2.1.4
