GEM
  remote: https://rubygems.org/
  specs:
    chess (0.3.1)
    json (2.3.1)
    mustermann (2.0.2)
      ruby2_keywords (~> 0.0.1)
    rack (2.2.4)
    rack-protection (2.2.3)
      rack
    ruby2_keywords (0.0.5)
    sinatra (2.2.3)
      mustermann (~> 2.0)
      rack (~> 2.2)
      rack-protection (= 2.2.3)
      tilt (~> 2.0)
    tilt (2.0.11)
    uci (0.0.2)

PLATFORMS
  ruby

DEPENDENCIES
  chess
  json (= 2.3.1)
  sinatra (= 2.2.3)
  uci

BUNDLED WITH
   2.1.4
